GEM
  remote: http://rubygems.org/
  specs:
    bson (1.8.2)
    bson_ext (1.8.2)
      bson (~> 1.8.2)
    diff-lcs (1.2.1)
    domain_name (0.5.7)
      unf (~> 0.0.3)
    je (0.1.3)
    json (1.7.7)
    mechanize (2.5.1)
      domain_name (~> 0.5, >= 0.5.1)
      mime-types (~> 1.17, >= 1.17.2)
      net-http-digest_auth (~> 1.1, >= 1.1.1)
      net-http-persistent (~> 2.5, >= 2.5.2)
      nokogiri (~> 1.4)
      ntlm-http (~> 0.1, >= 0.1.1)
      webrobots (~> 0.0, >= 0.0.9)
    mime-types (1.21)
    mongo (1.8.2)
      bson (~> 1.8.2)
    net-http-digest_auth (1.2.1)
    net-http-persistent (2.8)
    nokogiri (1.5.6)
    ntlm-http (0.1.1)
    psych (1.3.4)
    rake (10.0.3)
    rspec (2.13.0)
      rspec-core (~> 2.13.0)
      rspec-expectations (~> 2.13.0)
      rspec-mocks (~> 2.13.0)
    rspec-core (2.13.0)
    rspec-expectations (2.13.0)
      diff-lcs (>= 1.1.3, < 2.0)
    rspec-mocks (2.13.0)
    unf (0.0.5)
      unf_ext
    unf_ext (0.0.6)
    webrobots (0.1.0)
    zmq (2.1.4)

PLATFORMS
  ruby

DEPENDENCIES
  bson_ext
  je
  json
  mechanize
  mongo
  nokogiri
  psych
  rake
  rspec
  zmq
