GEM
  remote: http://rubygems.org/
  specs:
    amq-protocol (1.9.2)
    bson (1.9.2)
    bson (1.9.2-java)
    bson_ext (1.9.2)
      bson (~> 1.9.2)
    bunny (1.2.1)
      amq-protocol (>= 1.9.2)
    celluloid (0.15.2)
      timers (~> 1.1.0)
    codeclimate-test-reporter (0.4.0)
      simplecov (>= 0.7.1, < 1.0.0)
    diff-lcs (1.2.5)
    docile (1.1.5)
    domain_name (0.5.17)
      unf (>= 0.0.5, < 1.0.0)
    ffi (1.9.3)
    ffi (1.9.3-java)
    ffi-rzmq (2.0.1)
      ffi-rzmq-core (>= 1.0.1)
    ffi-rzmq-core (1.0.3)
      ffi (~> 1.9)
    http-cookie (1.0.2)
      domain_name (~> 0.5)
    je (0.1.3)
    json (1.8.1)
    json (1.8.1-java)
    march_hare (2.5.1-java)
    mechanize (2.7.3)
      domain_name (~> 0.5, >= 0.5.1)
      http-cookie (~> 1.0)
      mime-types (~> 2.0)
      net-http-digest_auth (~> 1.1, >= 1.1.1)
      net-http-persistent (~> 2.5, >= 2.5.2)
      nokogiri (~> 1.4)
      ntlm-http (~> 0.1, >= 0.1.1)
      webrobots (>= 0.0.9, < 0.2)
    mime-types (2.2)
    mini_portile (0.5.2)
    mongo (1.9.2)
      bson (~> 1.9.2)
    multi_json (1.10.1)
    net-http-digest_auth (1.4)
    net-http-persistent (2.9.4)
    nokogiri (1.6.1)
      mini_portile (~> 0.5.0)
    nokogiri (1.6.1-java)
      mini_portile (~> 0.5.0)
    ntlm-http (0.1.1)
    rake (10.1.1)
    rspec (2.14.1)
      rspec-core (~> 2.14.0)
      rspec-expectations (~> 2.14.0)
      rspec-mocks (~> 2.14.0)
    rspec-core (2.14.8)
    rspec-expectations (2.14.5)
      diff-lcs (>= 1.1.3, < 2.0)
    rspec-mocks (2.14.6)
    simplecov (0.9.0)
      docile (~> 1.1.0)
      multi_json
      simplecov-html (~> 0.8.0)
    simplecov-html (0.8.0)
    timers (1.1.0)
    unf (0.1.3)
      unf_ext
    unf (0.1.3-java)
    unf_ext (0.0.6)
    webrobots (0.1.1)

PLATFORMS
  java
  ruby

DEPENDENCIES
  bson
  bson_ext
  bunny
  celluloid
  codeclimate-test-reporter
  ffi-rzmq
  je
  json
  march_hare
  mechanize
  mongo
  nokogiri
  rake
  rspec
